GEM
  remote: https://rubygems.org/
  specs:
    addressable (2.8.4)
      public_suffix (>= 2.0.2, < 6.0)
    colorator (1.1.0)
    concurrent-ruby (1.2.2)
    em-websocket (0.5.3)
      eventmachine (>= 0.12.9)
      http_parser.rb (~> 0)
    eventmachine (1.2.7)
    faraday (2.9.0)
      faraday-net_http (>= 2.0, < 3.2)
    faraday-net_http (3.1.0)
      net-http
    faraday-retry (2.1.0)
      faraday (~> 2.0)
    ffi (1.15.5)
    forwardable-extended (2.6.0)
    google-protobuf (3.23.3)
    google-protobuf (3.23.3-aarch64-linux)
    google-protobuf (3.23.3-arm64-darwin)
    google-protobuf (3.23.3-x86_64-darwin)
    google-protobuf (3.23.3-x86_64-linux)
    http_parser.rb (0.8.0)
    i18n (1.14.1)
      concurrent-ruby (~> 1.0)
    jekyll (4.3.2)
      addressable (~> 2.4)
      colorator (~> 1.0)
      em-websocket (~> 0.5)
      i18n (~> 1.0)
      jekyll-sass-converter (>= 2.0, < 4.0)
      jekyll-watch (~> 2.0)
      kramdown (~> 2.3, >= 2.3.1)
      kramdown-parser-gfm (~> 1.0)
      liquid (~> 4.0)
      mercenary (>= 0.3.6, < 0.5)
      pathutil (~> 0.9)
      rouge (>= 3.0, < 5.0)
      safe_yaml (~> 1.0)
      terminal-table (>= 1.8, < 4.0)
      webrick (~> 1.7)
    jekyll-redirect-from (0.16.0)
      jekyll (>= 3.3, < 5.0)
    jekyll-remote-theme (0.4.3)
      addressable (~> 2.0)
      jekyll (>= 3.5, < 5.0)
      jekyll-sass-converter (>= 1.0, <= 3.0.0, != 2.0.0)
      rubyzip (>= 1.3.0, < 3.0)
    jekyll-sass-converter (3.0.0)
      sass-embedded (~> 1.54)
    jekyll-seo-tag (2.8.0)
      jekyll (>= 3.8, < 5.0)
    jekyll-sitemap (1.4.0)
      jekyll (>= 3.7, < 5.0)
    jekyll-watch (2.2.1)
      listen (~> 3.0)
    kramdown (2.4.0)
      rexml
    kramdown-parser-gfm (1.1.0)
      kramdown (~> 2.0)
    liquid (4.0.4)
    listen (3.8.0)
      rb-fsevent (~> 0.10, >= 0.10.3)
      rb-inotify (~> 0.9, >= 0.9.10)
    mercenary (0.4.0)
    net-http (0.4.1)
      uri
    pathutil (0.16.2)
      forwardable-extended (~> 2.6)
    public_suffix (5.0.1)
    rake (13.0.6)
    rb-fsevent (0.11.2)
    rb-inotify (0.10.1)
      ffi (~> 1.0)
    rexml (3.2.5)
    rouge (3.30.0)
    rubyzip (2.3.2)
    safe_yaml (1.0.5)
    sass-embedded (1.58.3-aarch64-linux-gnu)
      google-protobuf (~> 3.21)
    sass-embedded (1.58.3-arm-linux-gnueabihf)
      google-protobuf (~> 3.21)
    sass-embedded (1.58.3-arm64-darwin)
      google-protobuf (~> 3.21)
    sass-embedded (1.58.3-x86_64-darwin)
      google-protobuf (~> 3.21)
    sass-embedded (1.58.3-x86_64-linux-gnu)
      google-protobuf (~> 3.21)
    terminal-table (3.0.2)
      unicode-display_width (>= 1.1.1, < 3)
    unicode-display_width (2.4.2)
    uri (0.13.0)
    webrick (1.8.1)

PLATFORMS
  aarch64-linux
  arm-linux
  arm64-darwin
  x86_64-darwin
  x86_64-linux

DEPENDENCIES
  faraday-retry
  jekyll
  jekyll-redirect-from
  jekyll-remote-theme
  jekyll-seo-tag
  jekyll-sitemap
  rake

BUNDLED WITH
   2.4.10
