GEM
  remote: https://rubygems.org/
  specs:
    Ascii85 (2.0.1)
    addressable (2.8.7)
      public_suffix (>= 2.0.2, < 7.0)
    afm (0.2.2)
    async (2.21.1)
      console (~> 1.29)
      fiber-annotation
      io-event (~> 1.6, >= 1.6.5)
    base64 (0.2.0)
    bigdecimal (3.1.9)
    chef-utils (18.6.2)
      concurrent-ruby
    colorator (1.1.0)
    concurrent-ruby (1.3.5)
    console (1.29.2)
      fiber-annotation
      fiber-local (~> 1.1)
      json
    csv (3.3.2)
    em-websocket (0.5.3)
      eventmachine (>= 0.12.9)
      http_parser.rb (~> 0)
    ethon (0.16.0)
      ffi (>= 1.15.0)
    eventmachine (1.2.7)
    faraday (2.12.2)
      faraday-net_http (>= 2.0, < 3.5)
      json
      logger
    faraday-net_http (3.4.0)
      net-http (>= 0.5.0)
    faraday-retry (2.2.1)
      faraday (~> 2.0)
    ffi (1.17.1-aarch64-linux-gnu)
    ffi (1.17.1-arm-linux-gnu)
    ffi (1.17.1-arm64-darwin)
    ffi (1.17.1-x86_64-darwin)
    ffi (1.17.1-x86_64-linux-gnu)
    fiber-annotation (0.2.0)
    fiber-local (1.1.0)
      fiber-storage
    fiber-storage (1.0.0)
    forwardable-extended (2.6.0)
    google-protobuf (4.29.3)
      bigdecimal
      rake (>= 13)
    google-protobuf (4.29.3-aarch64-linux)
      bigdecimal
      rake (>= 13)
    google-protobuf (4.29.3-arm64-darwin)
      bigdecimal
      rake (>= 13)
    google-protobuf (4.29.3-x86_64-darwin)
      bigdecimal
      rake (>= 13)
    google-protobuf (4.29.3-x86_64-linux)
      bigdecimal
      rake (>= 13)
    hashery (2.1.2)
    html-proofer (5.0.9)
      addressable (~> 2.3)
      async (~> 2.1)
      nokogiri (~> 1.13)
      pdf-reader (~> 2.11)
      rainbow (~> 3.0)
      typhoeus (~> 1.3)
      yell (~> 2.0)
      zeitwerk (~> 2.5)
    http_parser.rb (0.8.0)
    i18n (1.14.7)
      concurrent-ruby (~> 1.0)
    io-event (1.7.5)
    jekyll (4.4.0)
      addressable (~> 2.4)
      base64 (~> 0.2)
      colorator (~> 1.0)
      csv (~> 3.0)
      em-websocket (~> 0.5)
      i18n (~> 1.0)
      jekyll-sass-converter (>= 2.0, < 4.0)
      jekyll-watch (~> 2.0)
      json (~> 2.6)
      kramdown (~> 2.3, >= 2.3.1)
      kramdown-parser-gfm (~> 1.0)
      liquid (~> 4.0)
      mercenary (~> 0.3, >= 0.3.6)
      pathutil (~> 0.9)
      rouge (>= 3.0, < 5.0)
      safe_yaml (~> 1.0)
      terminal-table (>= 1.8, < 4.0)
      webrick (~> 1.7)
    jekyll-redirect-from (0.16.0)
      jekyll (>= 3.3, < 5.0)
    jekyll-remote-theme (0.4.3)
      addressable (~> 2.0)
      jekyll (>= 3.5, < 5.0)
      jekyll-sass-converter (>= 1.0, <= 3.0.0, != 2.0.0)
      rubyzip (>= 1.3.0, < 3.0)
    jekyll-sass-converter (3.0.0)
      sass-embedded (~> 1.54)
    jekyll-seo-tag (2.8.0)
      jekyll (>= 3.8, < 5.0)
    jekyll-sitemap (1.4.0)
      jekyll (>= 3.7, < 5.0)
    jekyll-watch (2.2.1)
      listen (~> 3.0)
    json (2.9.1)
    kramdown (2.5.1)
      rexml (>= 3.3.9)
    kramdown-parser-gfm (1.1.0)
      kramdown (~> 2.0)
    liquid (4.0.4)
    listen (3.9.0)
      rb-fsevent (~> 0.10, >= 0.10.3)
      rb-inotify (~> 0.9, >= 0.9.10)
    logger (1.6.5)
    mdl (0.13.0)
      kramdown (~> 2.3)
      kramdown-parser-gfm (~> 1.1)
      mixlib-cli (~> 2.1, >= 2.1.1)
      mixlib-config (>= 2.2.1, < 4)
      mixlib-shellout
    mercenary (0.4.0)
    mixlib-cli (2.1.8)
    mixlib-config (3.0.27)
      tomlrb
    mixlib-shellout (3.3.6)
      chef-utils
    net-http (0.6.0)
      uri
    nokogiri (1.18.2-aarch64-linux-gnu)
      racc (~> 1.4)
    nokogiri (1.18.2-arm-linux-gnu)
      racc (~> 1.4)
    nokogiri (1.18.2-arm64-darwin)
      racc (~> 1.4)
    nokogiri (1.18.2-x86_64-darwin)
      racc (~> 1.4)
    nokogiri (1.18.2-x86_64-linux-gnu)
      racc (~> 1.4)
    pathutil (0.16.2)
      forwardable-extended (~> 2.6)
    pdf-reader (2.13.0)
      Ascii85 (>= 1.0, < 3.0, != 2.0.0)
      afm (~> 0.2.1)
      hashery (~> 2.0)
      ruby-rc4
      ttfunk
    public_suffix (6.0.1)
    racc (1.8.1)
    rainbow (3.1.1)
    rake (13.2.1)
    rb-fsevent (0.11.2)
    rb-inotify (0.11.1)
      ffi (~> 1.0)
    rexml (3.4.0)
    rouge (4.5.1)
    ruby-rc4 (0.1.5)
    rubyzip (2.4.1)
    safe_yaml (1.0.5)
    sass-embedded (1.83.4-aarch64-linux-gnu)
      google-protobuf (~> 4.29)
    sass-embedded (1.83.4-arm-linux-gnueabihf)
      google-protobuf (~> 4.29)
    sass-embedded (1.83.4-arm64-darwin)
      google-protobuf (~> 4.29)
    sass-embedded (1.83.4-x86_64-darwin)
      google-protobuf (~> 4.29)
    sass-embedded (1.83.4-x86_64-linux-gnu)
      google-protobuf (~> 4.29)
    terminal-table (3.0.2)
      unicode-display_width (>= 1.1.1, < 3)
    tomlrb (2.0.3)
    ttfunk (1.8.0)
      bigdecimal (~> 3.1)
    typhoeus (1.4.1)
      ethon (>= 0.9.0)
    unicode-display_width (2.6.0)
    uri (1.0.2)
    webrick (1.9.1)
    yell (2.2.2)
    zeitwerk (2.7.1)

PLATFORMS
  aarch64-linux
  arm-linux
  arm64-darwin
  x86_64-darwin
  x86_64-linux

DEPENDENCIES
  faraday-retry
  html-proofer
  jekyll
  jekyll-redirect-from
  jekyll-remote-theme
  jekyll-seo-tag
  jekyll-sitemap
  mdl
  rake

RUBY VERSION
   ruby 3.3.7p123

BUNDLED WITH
   2.5.20
